GEM
  remote: https://rubygems.org/
  specs:
    albino (1.3.3)
      posix-spawn (>= 0.3.6)
    classifier (1.4.4)
      fast-stemmer (~> 1.0)
      mutex_m (~> 0.2)
      rake
    directory_watcher (1.5.1)
    eventmachine (1.2.7)
    fast-stemmer (1.0.2)
    jekyll (0.11.0)
      albino (>= 1.3.2)
      classifier (>= 1.3.1)
      directory_watcher (>= 1.1.1)
      kramdown (>= 0.13.2)
      liquid (>= 1.9.0)
      maruku (>= 0.5.9)
    kramdown (2.5.1)
      rexml (>= 3.3.9)
    liquid (4.0.4)
    maruku (0.7.3)
    mutex_m (0.3.0)
    posix-spawn (0.3.15)
    rake (13.0.6)
    rexml (3.4.0)
    webrick (1.9.1)

PLATFORMS
  arm64-darwin-24
  x86_64-darwin

DEPENDENCIES
  eventmachine (= 1.2.7)
  jekyll
  webrick

BUNDLED WITH
   2.4.22
